PATH
  remote: .
  specs:
    paper_trail-hashdiff (0.0.5)
      hashdiff (~> 1.0)

GEM
  remote: https://rubygems.org/
  specs:
    hashdiff (1.0.0)

PLATFORMS
  ruby

DEPENDENCIES
  paper_trail-hashdiff!

BUNDLED WITH
   1.17.3
